GEM
  remote: http://rubygems.org/
  specs:
    addressable (2.3.2)
    carrier-pigeon (0.6.0)
      addressable
    cinch (2.0.3)
    coderay (1.0.8)
    json (1.7.5)
    method_source (0.8.1)
    pry (0.9.10)
      coderay (~> 1.0.5)
      method_source (~> 0.8)
      slop (~> 3.3.1)
    rack (1.4.1)
    rack-protection (1.3.2)
      rack
    rb-readline (0.4.2)
    sinatra (1.3.3)
      rack (~> 1.3, >= 1.3.6)
      rack-protection (~> 1.2)
      tilt (~> 1.3, >= 1.3.3)
    slop (3.3.3)
    tilt (1.3.3)

PLATFORMS
  ruby

DEPENDENCIES
  carrier-pigeon
  cinch
  json
  pry
  rb-readline
  sinatra
